GIT
  remote: git://github.com/Bitnami/asciidoctor-pdf.git
  revision: 2377978ec9e2096063a2827f7fe454fb3a2b0cdd
  specs:
    asciidoctor-pdf (1.0.0.dev)
      asciidoctor (>= 1.5.0.rc.2, < 1.6.0)
      coderay (= 1.1.0)
      prawn (= 1.0.0)
      prawn-svg (= 0.16.0)
      prawn-templates (= 0.0.3)
      slim (~> 2.0.0)
      thread_safe (= 0.3.4)
      tilt (>= 1.4.1, < 2.1.0)
      treetop (= 1.5.3)

GIT
  remote: git://github.com/Bitnami/middleman.git
  revision: 1651a498702f0b2388226293a644c18d9b04ddbd
  branch: v3-stable
  specs:
    middleman (3.3.4)
      coffee-script (~> 2.2)
      compass (>= 0.12.4)
      compass-import-once (= 1.0.5)
      execjs (~> 2.0)
      haml (>= 4.0.5)
      kramdown (~> 1.2)
      middleman-core (= 3.3.4)
      middleman-sprockets (>= 3.1.2)
      sass (>= 3.2.17, < 4.0)
      uglifier (~> 2.5)
    middleman-core (3.3.4)
      activesupport (~> 4.1.0)
      bundler (~> 1.1)
      erubis
      hooks (~> 0.3)
      i18n (~> 0.6.9)
      listen (>= 2.7.9, < 3.0)
      padrino-helpers (~> 0.12.1)
      rack (>= 1.4.5, < 2.0)
      rack-test (~> 0.6.2)
      thor (>= 0.15.2, < 2.0)
      tilt (~> 1.4.1, < 2.0)

GEM
  remote: https://rubygems.org/
  specs:
    Ascii85 (1.0.2)
    activesupport (4.1.4)
      i18n (~> 0.6, >= 0.6.9)
      json (~> 1.7, >= 1.7.7)
      minitest (~> 5.1)
      thread_safe (~> 0.1)
      tzinfo (~> 1.1)
    addressable (2.3.6)
    afm (0.2.2)
    asciidoctor (1.5.0)
    builder (3.2.2)
    celluloid (0.15.2)
      timers (~> 1.1.0)
    chunky_png (1.3.1)
    coderay (1.1.0)
    coffee-script (2.3.0)
      coffee-script-source
      execjs
    coffee-script-source (1.7.1)
    compass (0.12.7)
      chunky_png (~> 1.2)
      fssm (>= 0.2.7)
      sass (~> 3.2.19)
    compass-import-once (1.0.5)
      sass (>= 3.2, < 3.5)
    em-websocket (0.5.1)
      eventmachine (>= 0.12.9)
      http_parser.rb (~> 0.6.0)
    erubis (2.7.0)
    eventmachine (1.0.8)
    execjs (2.2.1)
    ffi (1.9.3)
    fssm (0.2.10)
    haml (4.0.5)
      tilt
    hashery (2.1.1)
    hike (1.2.3)
    hooks (0.4.0)
      uber (~> 0.0.4)
    http_parser.rb (0.6.0)
    i18n (0.6.11)
    json (1.8.6)
    kramdown (1.4.1)
    libv8 (3.16.14.19)
    listen (2.7.9)
      celluloid (>= 0.15.2)
      rb-fsevent (>= 0.9.3)
      rb-inotify (>= 0.9)
    middleman-blog (3.5.3)
      addressable (~> 2.3.5)
      middleman-core (~> 3.2)
      tzinfo (>= 0.3.0)
    middleman-deploy (0.2.4)
      middleman-core (>= 3.0.0)
      net-sftp
      ptools
    middleman-livereload (3.1.1)
      em-websocket (>= 0.2.0)
      middleman-core (>= 3.0.2)
      multi_json (~> 1.0)
      rack-livereload
    middleman-sprockets (3.3.6)
      middleman-core (~> 3.3)
      sprockets (~> 2.12.1)
      sprockets-helpers (~> 1.1.0)
      sprockets-sass (~> 1.2.0)
    mini_portile2 (2.4.0)
    minitest (5.4.0)
    multi_json (1.10.1)
    net-sftp (2.1.2)
      net-ssh (>= 2.6.5)
    net-ssh (2.9.1)
    nokogiri (1.10.3)
      mini_portile2 (~> 2.4.0)
    padrino-helpers (0.12.2)
      i18n (~> 0.6, >= 0.6.7)
      padrino-support (= 0.12.2)
      tilt (~> 1.4.1)
    padrino-support (0.12.2)
      activesupport (>= 3.1)
    pdf-core (0.2.5)
    pdf-reader (1.3.3)
      Ascii85 (~> 1.0.0)
      afm (~> 0.2.0)
      hashery (~> 2.0)
      ruby-rc4
      ttfunk
    polyglot (0.3.5)
    prawn (1.0.0)
      pdf-core (~> 0.2.2)
      ttfunk (~> 1.1.1)
    prawn-svg (0.16.0)
      prawn (>= 0.8.4)
    prawn-templates (0.0.3)
      pdf-reader (~> 1.3)
      prawn (>= 0.15.0)
    ptools (1.2.6)
    rack (1.5.2)
    rack-livereload (0.3.15)
      rack
    rack-test (0.6.2)
      rack (>= 1.0)
    rb-fsevent (0.9.4)
    rb-inotify (0.9.5)
      ffi (>= 0.5.0)
    ref (2.0.0)
    ruby-rc4 (0.1.5)
    rubyzip (1.1.6)
    sass (3.2.19)
    slim (2.0.3)
      temple (~> 0.6.6)
      tilt (>= 1.3.3, < 2.1)
    sprockets (2.12.1)
      hike (~> 1.2)
      multi_json (~> 1.0)
      rack (~> 1.0)
      tilt (~> 1.1, != 1.3.0)
    sprockets-helpers (1.1.0)
      sprockets (~> 2.0)
    sprockets-sass (1.2.0)
      sprockets (~> 2.0)
      tilt (~> 1.1)
    temple (0.6.8)
    therubyracer (0.12.3)
      libv8 (~> 3.16.14.15)
      ref
    thor (0.19.1)
    thread_safe (0.3.4)
    tilt (1.4.1)
    timers (1.1.0)
    treetop (1.5.3)
      polyglot (~> 0.3)
    ttfunk (1.1.1)
    tzinfo (1.2.2)
      thread_safe (~> 0.1)
    uber (0.0.8)
    uglifier (2.5.3)
      execjs (>= 0.3.0)
      json (>= 1.8.0)

PLATFORMS
  ruby

DEPENDENCIES
  asciidoctor (~> 1.5.0)
  asciidoctor-pdf!
  builder
  middleman!
  middleman-blog
  middleman-deploy
  middleman-livereload (~> 3.1.0)
  nokogiri
  rubyzip (>= 1.0.0)
  therubyracer
  wdm (~> 0.1.0)

BUNDLED WITH
   1.17.3
